GEM
  remote: http://rubygems.org/
  specs:
    mocha (1.11.2)
    oauth (0.4.3)
    shoulda (2.11.3)
    yajl-ruby (0.7.8)

PLATFORMS
  ruby

DEPENDENCIES
  mocha (>= 0.9.8)
  oauth
  shoulda
  yajl-ruby

BUNDLED WITH
   1.17.3
