GEM
  remote: http://rubygems.org/
  specs:
    mocha (0.9.8)
      rake
    oauth (0.5.5)
    rake (0.8.7)
    shoulda (2.11.3)
    yajl-ruby (0.7.8)

PLATFORMS
  ruby

DEPENDENCIES
  mocha
  oauth (>= 0.5.5)
  shoulda
  yajl-ruby

BUNDLED WITH
   1.17.3
