GEM
  remote: http://rubygems.org/
  specs:
    mocha (0.9.8)
      rake
    oauth (0.4.3)
    rake (0.8.7)
    shoulda (2.11.3)
    yajl-ruby (1.4.0)

PLATFORMS
  ruby

DEPENDENCIES
  mocha
  oauth
  shoulda
  yajl-ruby (>= 1.3.1)

BUNDLED WITH
   1.16.1
